GEM
  remote: https://rubygems.org/
  specs:
    awesome_print (1.8.0)
    diff-lcs (1.4.4)
    rspec (3.9.0)
      rspec-core (~> 3.9.0)
      rspec-expectations (~> 3.9.0)
      rspec-mocks (~> 3.9.0)
    rspec-core (3.9.2)
      rspec-support (~> 3.9.3)
    rspec-expectations (3.9.2)
      diff-lcs (>= 1.2.0, < 2.0)
      rspec-support (~> 3.9.0)
    rspec-mocks (3.9.1)
      diff-lcs (>= 1.2.0, < 2.0)
      rspec-support (~> 3.9.0)
    rspec-support (3.9.3)
    sorbet (0.5.5915)
      sorbet-static (= 0.5.5915)
    sorbet-runtime (0.5.5915)
    sorbet-static (0.5.5915-x86_64-linux)

PLATFORMS
  ruby

DEPENDENCIES
  awesome_print
  rspec
  sorbet
  sorbet-runtime

BUNDLED WITH
   2.1.4
